GEM
  remote: https://rubygems.org/
  specs:
    ffaker (2.19.0)

PLATFORMS
  ruby

DEPENDENCIES
  ffaker

BUNDLED WITH
   2.1.4
